GIT
  remote: https://github.com/kivanio/brcobranca.git
  revision: 325e0eae69ad298477b935a441a22c61c7556f31
  specs:
    brcobranca (12.0.0)
      fast_blank (>= 1.0.1)
      parseline (>= 1.0.3)
      rghost (>= 0.9.8)
      rghost_barcode (>= 0.9)

GIT
  remote: https://github.com/shairontoledo/rghost.git
  revision: 93240b15141abd9be961ab7b1c68c77fc445e4e7
  specs:
    rghost (0.9.9)

GEM
  remote: https://rubygems.org/
  specs:
    activesupport (8.0.2)
      base64 (>= 0.3.0)
      bigdecimal (>=3.2.2)
      concurrent-ruby (~> 1.0, >= 1.3.5)
      connection_pool (>= 2.5.3)
      drb (>= 2.2.3)
      i18n (>= 1.14, < 2)
      logger (>= 1.7.0)
      minitest (>= 5.25)
      securerandom (>= 0.4)
      tzinfo (~> 2.0, >= 2.0.5)
      uri (>= 0.13.1)
      benchmark (>= 0.3)
    base64 (0.3.0)
    bigdecimal (3.2.2)
    concurrent-ruby (1.3.5)
    connection_pool (2.5.3)
    drb (2.2.3)
    dry-core (1.0.1)
      concurrent-ruby (~> 1.0)
      zeitwerk (~> 2.6)
    dry-inflector (1.2.0)
    dry-logic (1.6.0)
      concurrent-ruby (~> 1.0)
      dry-core (~> 1.0, < 2)
      zeitwerk (~> 2.6)
      bigdecimal (>= 0)
      dry-core (~> 1.1)
    dry-types (1.8.3)
      bigdecimal (~> 3.0)
      concurrent-ruby (~> 1.0)
      dry-core (~> 1.1)
      dry-inflector (~> 1.0)
      dry-logic (~> 1.4)
      zeitwerk (~> 2.6)
    fast_blank (1.0.1)
    grape (2.4.0)
      activesupport (>= 6.1)
      rack (>= 2)
      dry-types (>= 1.8)
      mustermann-grape (~> 1.1.0)
      rack (>= 3.1.16)
      zeitwerk (>= 0)
      dry-types (>= 1.1)
    i18n (1.14.7)
      concurrent-ruby (~> 1.0)
    logger (1.7.0)
    minitest (5.25.5)
    mustermann (3.0.3)
      ruby2_keywords (~> 0.0.1)
    mustermann-grape (1.1.0)
      mustermann (>= 1.0.0)
    mutex_m (0.3.0)
    nio4r (2.7.4)
    parseline (1.0.3)
    puma (6.6.0)
      nio4r (~> 2.0)
    rack (3.1.16)
    rghost_barcode (0.9)
    ruby2_keywords (0.0.5)
    securerandom (0.4.1)
    tzinfo (2.0.6)
      concurrent-ruby (~> 1.0)
    zeitwerk (2.7.3)

PLATFORMS
  ruby

DEPENDENCIES
  base64
  bigdecimal
  brcobranca!
  grape
  mutex_m
  puma
  rghost!

BUNDLED WITH
   2.5.11
